GEM
  remote: https://rubygems.org/
  specs:
    json (2.7.2)

PLATFORMS
  aarch64-linux
  universal-darwin
  x86_64-linux

DEPENDENCIES
  json

BUNDLED WITH
   2.5.9
